GEM
  remote: https://rubygems.org/
  specs:
    ffi (1.14.2)
    listen (3.4.1)
      rb-fsevent (~> 0.10, >= 0.10.3)
      rb-inotify (~> 0.9, >= 0.9.10)
    mercenary (0.4.0)
    rb-fsevent (0.10.4)
    rb-inotify (0.10.1)
      ffi (~> 1.0)
    svgeez (3.2.0)
      listen (~> 3.2)
      mercenary (~> 0.4.0)

PLATFORMS
  ruby

DEPENDENCIES
  svgeez (~> 3.2)

BUNDLED WITH
   2.2.3
